PATH
  remote: .
  specs:
    indirect (1.1.0)

GEM
  remote: https://rubygems.org/
  specs:
    bump (0.10.0)
    colorize (0.8.1)
    diff-lcs (1.3)
    rake (13.0.6)
    rspec (3.8.0)
      rspec-core (~> 3.8.0)
      rspec-expectations (~> 3.8.0)
      rspec-mocks (~> 3.8.0)
    rspec-core (3.8.0)
      rspec-support (~> 3.8.0)
    rspec-expectations (3.8.2)
      diff-lcs (>= 1.2.0, < 2.0)
      rspec-support (~> 3.8.0)
    rspec-mocks (3.8.0)
      diff-lcs (>= 1.2.0, < 2.0)
      rspec-support (~> 3.8.0)
    rspec-support (3.8.0)

PLATFORMS
  ruby

DEPENDENCIES
  bump (~> 0.10.0)
  bundler (~> 2.1)
  colorize (~> 0.8)
  indirect!
  rake (~> 13.0)
  rspec (~> 3.0)

BUNDLED WITH
   2.5.0.dev
